PATH
  remote: .
  specs:
    simplecov-rcov (0.3.0)
      simplecov (>= 0.4.1)

GEM
  remote: http://rubygems.org/
  specs:
    docile (1.4.0)
    mocha (1.14.0)
    rake (13.0.6)
    simplecov (0.21.2)
      docile (~> 1.1)
      simplecov-html (~> 0.11)
      simplecov_json_formatter (~> 0.1)
    simplecov-html (0.12.3)
    simplecov_json_formatter (0.1.4)

PLATFORMS
  ruby

DEPENDENCIES
  bundler (>= 1.0.0.rc.6)
  mocha
  rake (>= 12.3.3)
  simplecov-rcov!

BUNDLED WITH
   1.17.2
